GEM
  remote: https://rubygems.org/
  specs:
    anki_record (0.4.1)
      rubyzip (>= 2.3)
      sqlite3 (~> 1.3)
    rubyzip (2.3.2)
    sqlite3 (1.7.3-arm64-darwin)

PLATFORMS
  arm64-darwin-22

DEPENDENCIES
  anki_record (~> 0.4.1)

BUNDLED WITH
   2.4.22
